GEM
  remote: https://rubygems.org/
  specs:
    colorize (0.7.3)
    parallel (1.3.3)

PLATFORMS
  ruby

DEPENDENCIES
  colorize (~> 0.7.3)
  parallel (~> 1.3.3)
